GEM
  remote: https://rubygems.org/
  specs:
    json (2.6.3)

PLATFORMS
  arm64-darwin-21
  x86_64-linux

DEPENDENCIES
  json

BUNDLED WITH
   2.3.23
